GEM
  remote: https://rubygems.org/
  specs:
    aasm (5.5.0)
      concurrent-ruby (~> 1.0)
    actioncable (8.0.2)
      actionpack (= 8.0.2)
      activesupport (= 8.0.2)
      nio4r (~> 2.0)
      websocket-driver (>= 0.6.1)
      zeitwerk (~> 2.6)
    actionmailbox (8.0.2)
      actionpack (= 8.0.2)
      activejob (= 8.0.2)
      activerecord (= 8.0.2)
      activestorage (= 8.0.2)
      activesupport (= 8.0.2)
      mail (>= 2.8.0)
    actionmailer (8.0.2)
      actionpack (= 8.0.2)
      actionview (= 8.0.2)
      activejob (= 8.0.2)
      activesupport (= 8.0.2)
      mail (>= 2.8.0)
      rails-dom-testing (~> 2.2)
    actionpack (8.0.2)
      actionview (= 8.0.2)
      activesupport (= 8.0.2)
      nokogiri (>= 1.8.5)
      rack (>= 2.2.4)
      rack-session (>= 1.0.1)
      rack-test (>= 0.6.3)
      rails-dom-testing (~> 2.2)
      rails-html-sanitizer (~> 1.6)
      useragent (~> 0.16)
    actiontext (8.0.2)
      actionpack (= 8.0.2)
      activerecord (= 8.0.2)
      activestorage (= 8.0.2)
      activesupport (= 8.0.2)
      globalid (>= 0.6.0)
      nokogiri (>= 1.8.5)
    actionview (8.0.2)
      activesupport (= 8.0.2)
      builder (~> 3.1)
      erubi (~> 1.11)
      rails-dom-testing (~> 2.2)
      rails-html-sanitizer (~> 1.6)
    active_storage_validations (3.0.0)
      activejob (>= 6.1.4)
      activemodel (>= 6.1.4)
      activestorage (>= 6.1.4)
      activesupport (>= 6.1.4)
      marcel (>= 1.0.3)
    activejob (8.0.2)
      activesupport (= 8.0.2)
      globalid (>= 0.3.6)
    activemodel (8.0.2)
      activesupport (= 8.0.2)
    activerecord (8.0.2)
      activemodel (= 8.0.2)
      activesupport (= 8.0.2)
      timeout (>= 0.4.0)
    activestorage (8.0.2)
      actionpack (= 8.0.2)
      activejob (= 8.0.2)
      activerecord (= 8.0.2)
      activesupport (= 8.0.2)
      marcel (~> 1.0)
    activesupport (8.0.2)
      base64
      benchmark (>= 0.3)
      bigdecimal
      concurrent-ruby (~> 1.0, >= 1.3.1)
      connection_pool (>= 2.2.5)
      drb
      i18n (>= 1.6, < 2)
      logger (>= 1.4.2)
      minitest (>= 5.1)
      securerandom (>= 0.3)
      tzinfo (~> 2.0, >= 2.0.5)
      uri (>= 0.13.1)
    acts_as_paranoid (0.10.3)
      activerecord (>= 6.1, < 8.1)
      activesupport (>= 6.1, < 8.1)
    actual_db_schema (0.8.6)
      activerecord
      activesupport
      ast
      csv
      parser
      prism
    addressable (2.8.7)
      public_suffix (>= 2.0.2, < 7.0)
    ahoy_email (2.5.0)
      actionmailer (>= 7.1)
      addressable (>= 2.3.2)
      nokogiri
      safely_block (>= 0.4)
    ahoy_matey (5.4.0)
      activesupport (>= 7.1)
      device_detector (>= 1)
      safely_block (>= 0.4)
    android_key_attestation (0.3.0)
    annotaterb (4.15.0)
    anomaly_detection (0.3.0)
      rice (>= 4.3.3)
    argon2-kdf (0.3.1)
      fiddle
    ast (2.4.3)
    audits1984 (0.1.7)
      console1984
      rinku
      rouge
      turbo-rails
    awesome_print (1.9.2)
    backport (1.2.0)
    base64 (0.3.0)
    bcrypt (3.1.20)
    bcrypt_pbkdf (1.1.1)
    benchmark (0.4.1)
    bigdecimal (3.2.2)
    bindata (2.5.1)
    bindex (0.8.1)
    blazer (3.3.0)
      activerecord (>= 7.1)
      chartkick (>= 5)
      csv
      railties (>= 7.1)
      safely_block (>= 0.4)
    blind_index (2.7.0)
      activesupport (>= 7.1)
      argon2-kdf (>= 0.2)
    bootsnap (1.18.6)
      msgpack (~> 1.2)
    brakeman (7.0.2)
      racc
    breakout-detection (0.3.0)
      rice (>= 4.3.3)
    browser (6.2.0)
    builder (3.3.0)
    bullet (8.0.8)
      activesupport (>= 3.0.0)
      uniform_notifier (~> 1.11)
    capybara (3.40.0)
      addressable
      matrix
      mini_mime (>= 0.1.3)
      nokogiri (~> 1.11)
      rack (>= 1.6.0)
      rack-test (>= 0.6.3)
      regexp_parser (>= 1.5, < 3.0)
      xpath (~> 3.2)
    cbor (0.5.9.8)
    chartkick (5.1.5)
    childprocess (5.1.0)
      logger (~> 1.5)
    chunky_png (1.4.0)
    cmdstan (0.5.0)
      csv
    concurrent-ruby (1.3.5)
    connection_pool (2.5.3)
    console1984 (0.2.2)
      irb (~> 1.13)
      parser
      rails (>= 7.0)
      rainbow
    cose (1.3.1)
      cbor (~> 0.5.9)
      openssl-signature_algorithm (~> 1.0)
    crass (1.0.6)
    css_parser (1.21.1)
      addressable
    csv (3.3.5)
    date (3.4.1)
    debug (1.10.0)
      irb (~> 1.10)
      reline (>= 0.3.8)
    device_detector (1.1.3)
    diff-lcs (1.6.2)
    disco (0.5.1)
      libmf (>= 0.4)
      numo-narray (>= 0.9.2)
    disposable_mail (0.1.7)
    doorkeeper (5.8.2)
      railties (>= 5)
    dotenv (3.1.8)
    dotenv-rails (3.1.8)
      dotenv (= 3.1.8)
      railties (>= 6.1)
    drb (2.2.3)
    ed25519 (1.4.0)
    email_reply_parser (0.5.11)
    erb (5.0.1)
    erubi (1.13.1)
    et-orbi (1.2.11)
      tzinfo
    faraday (2.13.1)
      faraday-net_http (>= 2.0, < 3.5)
      json
      logger
    faraday-net_http (3.4.0)
      net-http (>= 0.5.0)
    ffi (1.17.2-aarch64-linux-gnu)
    ffi (1.17.2-aarch64-linux-musl)
    ffi (1.17.2-arm-linux-gnu)
    ffi (1.17.2-arm-linux-musl)
    ffi (1.17.2-arm64-darwin)
    ffi (1.17.2-x86_64-linux-gnu)
    ffi (1.17.2-x86_64-linux-musl)
    fiddle (1.1.8)
    flipper (1.3.4)
      concurrent-ruby (< 2)
    flipper-active_record (1.3.4)
      activerecord (>= 4.2, < 9)
      flipper (~> 1.3.4)
    flipper-ui (1.3.4)
      erubi (>= 1.0.0, < 2.0.0)
      flipper (~> 1.3.4)
      rack (>= 1.4, < 4)
      rack-protection (>= 1.5.3, < 5.0.0)
      rack-session (>= 1.0.2, < 3.0.0)
      sanitize (< 8)
    foreman (0.88.1)
    friendly_id (5.5.1)
      activerecord (>= 4.0.0)
    fugit (1.11.1)
      et-orbi (~> 1, >= 1.2.11)
      raabro (~> 1.4)
    geocoder (1.8.5)
      base64 (>= 0.1.0)
      csv (>= 3.0.0)
    globalid (1.2.1)
      activesupport (>= 6.1)
    groupdate (6.7.0)
      activesupport (>= 7.1)
    hashid-rails (1.4.1)
      activerecord (>= 4.0)
      hashids (~> 1.0)
    hashids (1.0.6)
    htmlbeautifier (1.4.3)
    htmlentities (4.3.4)
    i18n (1.14.7)
      concurrent-ruby (~> 1.0)
    image_processing (1.14.0)
      mini_magick (>= 4.9.5, < 6)
      ruby-vips (>= 2.0.17, < 3)
    importmap-rails (2.1.0)
      actionpack (>= 6.0.0)
      activesupport (>= 6.0.0)
      railties (>= 6.0.0)
    iniparse (1.5.0)
    invisible_captcha (2.3.0)
      rails (>= 5.2)
    io-console (0.8.0)
    irb (1.15.2)
      pp (>= 0.6.0)
      rdoc (>= 4.0.0)
      reline (>= 0.4.2)
    jaro_winkler (1.6.1)
    jbuilder (2.13.0)
      actionview (>= 5.0.0)
      activesupport (>= 5.0.0)
    jsbundling-rails (1.3.1)
      railties (>= 6.0.0)
    json (2.12.2)
    json-schema (5.1.1)
      addressable (~> 2.8)
      bigdecimal (~> 3.1)
    jwt (2.10.1)
      base64
    kamal (2.6.1)
      activesupport (>= 7.0)
      base64 (~> 0.2)
      bcrypt_pbkdf (~> 1.0)
      concurrent-ruby (~> 1.2)
      dotenv (~> 3.1)
      ed25519 (~> 1.4)
      net-ssh (~> 7.3)
      sshkit (>= 1.23.0, < 2.0)
      thor (~> 1.3)
      zeitwerk (>= 2.6.18, < 3.0)
    kramdown (2.5.1)
      rexml (>= 3.3.9)
    kramdown-parser-gfm (1.1.0)
      kramdown (~> 2.0)
    language_server-protocol (3.17.0.5)
    launchy (3.1.1)
      addressable (~> 2.8)
      childprocess (~> 5.0)
      logger (~> 1.6)
    letter_opener (1.10.0)
      launchy (>= 2.2, < 4)
    letter_opener_web (3.0.0)
      actionmailer (>= 6.1)
      letter_opener (~> 1.9)
      railties (>= 6.1)
      rexml
    libmf (0.4.0)
      ffi
    lint_roller (1.1.0)
    listen (3.9.0)
      rb-fsevent (~> 0.10, >= 0.10.3)
      rb-inotify (~> 0.9, >= 0.9.10)
    lockbox (2.0.1)
    logger (1.7.0)
    loofah (2.24.1)
      crass (~> 1.0.2)
      nokogiri (>= 1.12.0)
    mail (2.8.1)
      mini_mime (>= 0.1.1)
      net-imap
      net-pop
      net-smtp
    mapkick-rb (0.2.0)
    marcel (1.0.4)
    matrix (0.4.2)
    mini_magick (5.2.0)
      benchmark
      logger
    mini_mime (1.1.5)
    minitest (5.25.5)
    mission_control-jobs (1.0.2)
      actioncable (>= 7.1)
      actionpack (>= 7.1)
      activejob (>= 7.1)
      activerecord (>= 7.1)
      importmap-rails (>= 1.2.1)
      irb (~> 1.13)
      railties (>= 7.1)
      stimulus-rails
      turbo-rails
    msgpack (1.8.0)
    net-http (0.6.0)
      uri
    net-imap (0.5.8)
      date
      net-protocol
    net-pop (0.1.2)
      net-protocol
    net-protocol (0.2.2)
      timeout
    net-scp (4.1.0)
      net-ssh (>= 2.6.5, < 8.0.0)
    net-sftp (4.0.0)
      net-ssh (>= 5.0.0, < 8.0.0)
    net-smtp (0.5.1)
      net-protocol
    net-ssh (7.3.0)
    nio4r (2.7.4)
    nokogiri (1.18.8-aarch64-linux-gnu)
      racc (~> 1.4)
    nokogiri (1.18.8-aarch64-linux-musl)
      racc (~> 1.4)
    nokogiri (1.18.8-arm-linux-gnu)
      racc (~> 1.4)
    nokogiri (1.18.8-arm-linux-musl)
      racc (~> 1.4)
    nokogiri (1.18.8-arm64-darwin)
      racc (~> 1.4)
    nokogiri (1.18.8-x86_64-linux-gnu)
      racc (~> 1.4)
    nokogiri (1.18.8-x86_64-linux-musl)
      racc (~> 1.4)
    numo-narray (0.9.2.1)
    observer (0.1.2)
    okcomputer (1.19.0)
    openssl (3.3.0)
    openssl-signature_algorithm (1.3.0)
      openssl (> 2.0)
    ostruct (0.6.1)
    overcommit (0.67.1)
      childprocess (>= 0.6.3, < 6)
      iniparse (~> 1.4)
      rexml (>= 3.3.9)
    paper_trail (16.0.0)
      activerecord (>= 6.1)
      request_store (~> 1.4)
    parallel (1.27.0)
    parser (3.3.8.0)
      ast (~> 2.4.1)
      racc
    pg (1.5.9)
    pg_search (2.3.7)
      activerecord (>= 6.1)
      activesupport (>= 6.1)
    postmark (1.25.1)
      json
    postmark-rails (0.22.1)
      actionmailer (>= 3.0.0)
      postmark (>= 1.21.3, < 2.0)
    pp (0.6.2)
      prettyprint
    premailer (1.27.0)
      addressable
      css_parser (>= 1.19.0)
      htmlentities (>= 4.0.0)
    premailer-rails (1.12.0)
      actionmailer (>= 3)
      net-smtp
      premailer (~> 1.7, >= 1.7.9)
    prettyprint (0.2.0)
    prism (1.4.0)
    prophet-rb (0.6.0)
      cmdstan (>= 0.2)
      logger
      numo-narray (>= 0.9.1.7)
      rover-df
    propshaft (1.1.0)
      actionpack (>= 7.0.0)
      activesupport (>= 7.0.0)
      rack
      railties (>= 7.0.0)
    psych (5.2.6)
      date
      stringio
    public_suffix (6.0.2)
    puma (6.6.0)
      nio4r (~> 2.0)
    query_count (1.1.1)
      activerecord (>= 4.2)
      railties (>= 4.2)
    raabro (1.4.0)
    racc (1.8.1)
    rack (3.1.16)
    rack-attack (6.7.0)
      rack (>= 1.0, < 4)
    rack-cors (3.0.0)
      logger
      rack (>= 3.0.14)
    rack-mini-profiler (4.0.0)
      rack (>= 1.2.0)
    rack-protection (4.1.1)
      base64 (>= 0.1.0)
      logger (>= 1.6.0)
      rack (>= 3.0.0, < 4)
    rack-session (2.1.1)
      base64 (>= 0.1.0)
      rack (>= 3.0.0)
    rack-test (2.2.0)
      rack (>= 1.3)
    rackup (2.2.1)
      rack (>= 3)
    rails (8.0.2)
      actioncable (= 8.0.2)
      actionmailbox (= 8.0.2)
      actionmailer (= 8.0.2)
      actionpack (= 8.0.2)
      actiontext (= 8.0.2)
      actionview (= 8.0.2)
      activejob (= 8.0.2)
      activemodel (= 8.0.2)
      activerecord (= 8.0.2)
      activestorage (= 8.0.2)
      activesupport (= 8.0.2)
      bundler (>= 1.15.0)
      railties (= 8.0.2)
    rails-dom-testing (2.3.0)
      activesupport (>= 5.0.0)
      minitest
      nokogiri (>= 1.6)
    rails-html-sanitizer (1.6.2)
      loofah (~> 2.21)
      nokogiri (>= 1.15.7, != 1.16.7, != 1.16.6, != 1.16.5, != 1.16.4, != 1.16.3, != 1.16.2, != 1.16.1, != 1.16.0.rc1, != 1.16.0)
    railties (8.0.2)
      actionpack (= 8.0.2)
      activesupport (= 8.0.2)
      irb (~> 1.13)
      rackup (>= 1.0.0)
      rake (>= 12.2)
      thor (~> 1.0, >= 1.2.2)
      zeitwerk (~> 2.6)
    rainbow (3.1.1)
    rake (13.3.0)
    rb-fsevent (0.11.2)
    rb-inotify (0.11.1)
      ffi (~> 1.0)
    rbs (3.9.4)
      logger
    rdoc (6.14.0)
      erb
      psych (>= 4.0.0)
    redis (5.4.0)
      redis-client (>= 0.22.0)
    redis-client (0.24.0)
      connection_pool
    regexp_parser (2.10.0)
    relaxed-rubocop (2.5)
    reline (0.6.1)
      io-console (~> 0.5)
    request_store (1.7.0)
      rack (>= 1.4)
    reverse_markdown (3.0.0)
      nokogiri
    rexml (3.4.1)
    rice (4.5.0)
    rinku (2.0.6)
    rollups (0.5.0)
      activesupport (>= 7.1)
      groupdate (>= 6.1)
    rouge (4.5.2)
    rover-df (0.5.0)
      numo-narray (>= 0.9.1.9)
    rqrcode (3.1.0)
      chunky_png (~> 1.0)
      rqrcode_core (~> 2.0)
    rqrcode_core (2.0.0)
    rspec-core (3.13.4)
      rspec-support (~> 3.13.0)
    rspec-expectations (3.13.5)
      diff-lcs (>= 1.2.0, < 2.0)
      rspec-support (~> 3.13.0)
    rspec-mocks (3.13.5)
      diff-lcs (>= 1.2.0, < 2.0)
      rspec-support (~> 3.13.0)
    rspec-rails (8.0.0)
      actionpack (>= 7.2)
      activesupport (>= 7.2)
      railties (>= 7.2)
      rspec-core (~> 3.13)
      rspec-expectations (~> 3.13)
      rspec-mocks (~> 3.13)
      rspec-support (~> 3.13)
    rspec-support (3.13.4)
    rswag (2.16.0)
      rswag-api (= 2.16.0)
      rswag-specs (= 2.16.0)
      rswag-ui (= 2.16.0)
    rswag-api (2.16.0)
      activesupport (>= 5.2, < 8.1)
      railties (>= 5.2, < 8.1)
    rswag-specs (2.16.0)
      activesupport (>= 5.2, < 8.1)
      json-schema (>= 2.2, < 6.0)
      railties (>= 5.2, < 8.1)
      rspec-core (>= 2.14)
    rswag-ui (2.16.0)
      actionpack (>= 5.2, < 8.1)
      railties (>= 5.2, < 8.1)
    rubocop (1.75.8)
      json (~> 2.3)
      language_server-protocol (~> 3.17.0.2)
      lint_roller (~> 1.1.0)
      parallel (~> 1.10)
      parser (>= 3.3.0.2)
      rainbow (>= 2.2.2, < 4.0)
      regexp_parser (>= 2.9.3, < 3.0)
      rubocop-ast (>= 1.44.0, < 2.0)
      ruby-progressbar (~> 1.7)
      unicode-display_width (>= 2.4.0, < 4.0)
    rubocop-ast (1.44.1)
      parser (>= 3.3.7.2)
      prism (~> 1.4)
    rubocop-capybara (2.22.1)
      lint_roller (~> 1.1)
      rubocop (~> 1.72, >= 1.72.1)
    rubocop-performance (1.25.0)
      lint_roller (~> 1.1)
      rubocop (>= 1.75.0, < 2.0)
      rubocop-ast (>= 1.38.0, < 2.0)
    rubocop-rails (2.32.0)
      activesupport (>= 4.2.0)
      lint_roller (~> 1.1)
      rack (>= 1.1)
      rubocop (>= 1.75.0, < 2.0)
      rubocop-ast (>= 1.44.0, < 2.0)
    rubocop-rails-omakase (1.1.0)
      rubocop (>= 1.72)
      rubocop-performance (>= 1.24)
      rubocop-rails (>= 2.30)
    rubocop-rspec (3.6.0)
      lint_roller (~> 1.1)
      rubocop (~> 1.72, >= 1.72.1)
    rubocop-rspec_rails (2.31.0)
      lint_roller (~> 1.1)
      rubocop (~> 1.72, >= 1.72.1)
      rubocop-rspec (~> 3.5)
    ruby-progressbar (1.13.0)
    ruby-vips (2.2.3)
      ffi (~> 1.12)
      logger
    rubyzip (2.4.1)
    safely_block (0.5.0)
    safety_net_attestation (0.4.0)
      jwt (~> 2.0)
    sanitize (7.0.0)
      crass (~> 1.0.2)
      nokogiri (>= 1.16.8)
    securerandom (0.4.1)
    selenium-webdriver (4.33.0)
      base64 (~> 0.2)
      logger (~> 1.4)
      rexml (~> 3.2, >= 3.2.5)
      rubyzip (>= 1.2.2, < 3.0)
      websocket (~> 1.0)
    sentry-rails (5.25.0)
      railties (>= 5.0)
      sentry-ruby (~> 5.25.0)
    sentry-ruby (5.25.0)
      bigdecimal
      concurrent-ruby (~> 1.0, >= 1.0.2)
    simpleidn (0.2.3)
    solargraph (0.52.0)
      backport (~> 1.2)
      benchmark
      bundler (~> 2.0)
      diff-lcs (~> 1.4)
      jaro_winkler (~> 1.6)
      kramdown (~> 2.3)
      kramdown-parser-gfm (~> 1.1)
      logger (~> 1.6)
      observer (~> 0.1)
      ostruct (~> 0.6)
      parser (~> 3.0)
      rbs (~> 3.0)
      reverse_markdown (>= 2.0, < 4)
      rubocop (~> 1.38)
      thor (~> 1.0)
      tilt (~> 2.0)
      yard (~> 0.9, >= 0.9.24)
      yard-solargraph (~> 0.1)
    solargraph-rails (1.1.2)
      activesupport
      solargraph (>= 0.48.0, < 0.53.0)
    solid_cable (3.0.8)
      actioncable (>= 7.2)
      activejob (>= 7.2)
      activerecord (>= 7.2)
      railties (>= 7.2)
    solid_queue (1.1.5)
      activejob (>= 7.1)
      activerecord (>= 7.1)
      concurrent-ruby (>= 1.3.1)
      fugit (~> 1.11.0)
      railties (>= 7.1)
      thor (~> 1.3.1)
    sshkit (1.24.0)
      base64
      logger
      net-scp (>= 1.1.2)
      net-sftp (>= 2.1.2)
      net-ssh (>= 2.8.0)
      ostruct
    stackprof (0.2.27)
    statsd-instrument (3.9.9)
    stimulus-rails (1.3.4)
      railties (>= 6.0.0)
    stringio (3.1.7)
    strong_migrations (2.3.0)
      activerecord (>= 7)
    tailwindcss-rails (4.2.3)
      railties (>= 7.0.0)
      tailwindcss-ruby (~> 4.0)
    tailwindcss-ruby (4.1.8)
    tailwindcss-ruby (4.1.8-aarch64-linux-gnu)
    tailwindcss-ruby (4.1.8-aarch64-linux-musl)
    tailwindcss-ruby (4.1.8-arm64-darwin)
    tailwindcss-ruby (4.1.8-x86_64-linux-gnu)
    tailwindcss-ruby (4.1.8-x86_64-linux-musl)
    thor (1.3.2)
    thruster (0.1.13)
    thruster (0.1.13-aarch64-linux)
    thruster (0.1.13-arm64-darwin)
    thruster (0.1.13-x86_64-linux)
    tilt (2.6.0)
    timeout (0.4.3)
    tpm-key_attestation (0.14.1)
      bindata (~> 2.4)
      openssl (> 2.0)
      openssl-signature_algorithm (~> 1.0)
    turbo-rails (2.0.16)
      actionpack (>= 7.1.0)
      railties (>= 7.1.0)
    tzinfo (2.0.6)
      concurrent-ruby (~> 1.0)
    unicode-display_width (3.1.4)
      unicode-emoji (~> 4.0, >= 4.0.4)
    unicode-emoji (4.0.4)
    uniform_notifier (1.17.0)
    uri (1.0.3)
    useragent (0.16.11)
    validates_email_format_of (1.8.2)
      i18n (>= 0.8.0)
      simpleidn
    web-console (4.2.1)
      actionview (>= 6.0.0)
      activemodel (>= 6.0.0)
      bindex (>= 0.4.0)
      railties (>= 6.0.0)
    webauthn (3.4.1)
      android_key_attestation (~> 0.3.0)
      bindata (~> 2.4)
      cbor (~> 0.5.9)
      cose (~> 1.1)
      openssl (>= 2.2)
      safety_net_attestation (~> 0.4.0)
      tpm-key_attestation (~> 0.14.0)
    websocket (1.2.11)
    websocket-driver (0.8.0)
      base64
      websocket-extensions (>= 0.1.0)
    websocket-extensions (0.1.5)
    xpath (3.2.0)
      nokogiri (~> 1.8)
    yard (0.9.37)
    yard-solargraph (0.1.0)
      yard (~> 0.9)
    zeitwerk (2.7.3)

PLATFORMS
  aarch64-linux
  aarch64-linux-gnu
  aarch64-linux-musl
  arm-linux-gnu
  arm-linux-musl
  arm64-darwin-24
  x86_64-linux
  x86_64-linux-gnu
  x86_64-linux-musl

DEPENDENCIES
  aasm
  active_storage_validations (= 3.0.0)
  acts_as_paranoid (~> 0.10.3)
  actual_db_schema
  ahoy_email
  ahoy_matey
  annotaterb
  anomaly_detection
  audits1984
  awesome_print
  bcrypt (~> 3.1.7)
  blazer
  blind_index
  bootsnap
  brakeman
  breakout-detection
  browser (~> 6.2)
  bullet
  capybara
  chartkick
  console1984
  debug
  disco
  disposable_mail
  doorkeeper
  dotenv-rails
  email_reply_parser
  faraday
  flipper
  flipper-active_record
  flipper-ui
  foreman
  friendly_id (~> 5.5.1)
  geocoder
  hashid-rails (~> 1.0)
  htmlbeautifier
  image_processing (~> 1.2)
  importmap-rails
  invisible_captcha
  irb (~> 1.15.2)
  jbuilder
  jsbundling-rails (~> 1.0)
  kamal
  letter_opener_web
  listen (~> 3.9)
  lockbox
  mapkick-rb
  mission_control-jobs
  okcomputer
  overcommit
  paper_trail (~> 16.0.0)
  pg (~> 1.5, >= 1.5.9)
  pg_search
  postmark-rails
  premailer-rails
  prophet-rb
  propshaft
  puma (>= 5.0)
  query_count
  rack-attack
  rack-cors
  rack-mini-profiler (~> 4.0)
  rails (~> 8.0.2)
  redis
  relaxed-rubocop
  rollups
  rqrcode
  rspec-rails
  rswag
  rubocop-capybara (~> 2.22, >= 2.22.1)
  rubocop-rails-omakase
  rubocop-rspec (~> 3.6)
  rubocop-rspec_rails (~> 2.31)
  safely_block
  selenium-webdriver
  sentry-rails
  sentry-ruby
  solargraph
  solargraph-rails (~> 1.1.0)
  solid_cable
  solid_queue
  stackprof
  statsd-instrument (~> 3.9)
  stimulus-rails
  strong_migrations (~> 2.3)
  tailwindcss-rails (~> 4.2)
  tailwindcss-ruby (~> 4.1)
  thruster
  turbo-rails
  tzinfo-data
  validates_email_format_of
  web-console
  webauthn (~> 3.4)

RUBY VERSION
   ruby 3.4.3p32

BUNDLED WITH
   2.6.9
